GEM
  remote: http://rubygems.org/
  specs:
    abstract (1.0.0)
    actionmailer (3.0.9)
      actionpack (= 3.0.9)
      mail (~> 2.2.19)
    actionpack (3.0.9)
      activemodel (= 3.0.9)
      activesupport (= 3.0.9)
      builder (~> 2.1.2)
      erubis (~> 2.6.6)
      i18n (~> 0.5.0)
      rack (~> 1.2.1)
      rack-mount (~> 0.6.14)
      rack-test (~> 0.5.7)
      tzinfo (~> 0.3.23)
    activemodel (3.0.9)
      activesupport (= 3.0.9)
      builder (~> 2.1.2)
      i18n (~> 0.5.0)
    activerecord (3.0.9)
      activemodel (= 3.0.9)
      activesupport (= 3.0.9)
      arel (~> 2.0.10)
      tzinfo (~> 0.3.23)
    activeresource (3.0.9)
      activemodel (= 3.0.9)
      activesupport (= 3.0.9)
    activesupport (3.0.9)
    arel (2.0.10)
    blockenspiel (0.4.3)
    bombshell (0.1.5)
    brighter_planet_metadata (0.0.16)
      activesupport (>= 2.3.4)
      cache_method
      eat
      i18n
    builder (2.1.2)
    cache (0.2.6)
      activesupport (>= 2.3.11)
      i18n
    cache_method (0.1.5)
      cache (>= 0.2.1)
    carbon (1.1.2)
      activesupport (>= 2.3.5)
      blockenspiel
      bombshell
      brighter_planet_metadata
      conversions
      i18n
      nap
      timeframe
    choice (0.1.4)
    conversions (1.4.5)
      activesupport (>= 2.3.4)
    crack (0.3.1)
    daemons (1.1.4)
    dalli (1.1.3)
    data_miner (1.3.0)
      activerecord (>= 2.3.4)
      activesupport (>= 2.3.4)
      blockenspiel (>= 0.3.2)
      conversions (>= 1.4.4)
      errata (>= 1.0.1)
      escape (>= 0.0.4)
      remote_table (>= 1.2.2)
      taps (>= 0.3.11)
    diff-lcs (1.1.3)
    eat (0.1.2)
    ensure-encoding (0.1)
    errata (1.0.3)
      activesupport (>= 2.3.4)
      remote_table (>= 1.1.7)
      to_regexp (>= 0.0.2)
    erubis (2.6.6)
      abstract (>= 1.0.0)
    escape (0.0.4)
    eventmachine (0.12.10)
    fakeweb (1.3.0)
    fastercsv (1.5.4)
    fixed_width-multibyte (0.2.2)
      activesupport
    google-spreadsheet-ruby (0.1.5)
      nokogiri (>= 1.4.3.1)
      oauth (>= 0.3.6)
    grafico (0.2.5)
    hoptoad_notifier (2.4.11)
      activesupport
      builder
    httparty (0.8.1)
      multi_json
      multi_xml
    i18n (0.5.0)
    json (1.6.1)
    log4r (1.1.9)
    mail (2.2.19)
      activesupport (>= 2.3.6)
      i18n (>= 0.4.0)
      mime-types (~> 1.16)
      treetop (~> 1.4.8)
    mime-types (1.17.2)
    multi_json (1.0.3)
    multi_xml (0.4.1)
    mysql2 (0.2.17)
    nap (0.4)
    nokogiri (1.5.0)
    oauth (0.4.5)
    pg (0.11.0)
    polyglot (0.3.3)
    posix-spawn (0.3.6)
    rack (1.2.4)
    rack-mount (0.6.14)
      rack (>= 1.0.0)
    rack-test (0.5.7)
      rack (>= 1.0)
    rails (3.0.9)
      actionmailer (= 3.0.9)
      actionpack (= 3.0.9)
      activerecord (= 3.0.9)
      activeresource (= 3.0.9)
      activesupport (= 3.0.9)
      bundler (~> 1.0)
      railties (= 3.0.9)
    railties (3.0.9)
      actionpack (= 3.0.9)
      activesupport (= 3.0.9)
      rake (>= 0.8.7)
      rdoc (~> 3.4)
      thor (~> 0.14.4)
    rake (0.9.2.2)
    rdoc (3.11)
      json (~> 1.4)
    remote_table (1.2.3)
      activesupport (>= 2.3.4)
      builder
      ensure-encoding
      escape (>= 0.0.4)
      fastercsv (>= 1.5.0)
      fixed_width-multibyte
      google-spreadsheet-ruby
      i18n
      nokogiri (>= 1.4.1)
      posix-spawn
      roo (~> 1.9)
      spreadsheet
      zip
    rest-client (1.6.7)
      mime-types (>= 1.16)
    roo (1.10.1)
      choice (>= 0.1.4)
      google-spreadsheet-ruby (>= 0.1.5)
      nokogiri (>= 1.5.0)
      rubyzip (>= 0.9.4)
      spreadsheet (> 0.6.4)
      todonotes (>= 0.1.0)
    rspec (2.7.0)
      rspec-core (~> 2.7.0)
      rspec-expectations (~> 2.7.0)
      rspec-mocks (~> 2.7.0)
    rspec-core (2.7.1)
    rspec-expectations (2.7.0)
      diff-lcs (~> 1.1.2)
    rspec-mocks (2.7.0)
    rspec-rails (2.7.0)
      actionpack (~> 3.0)
      activesupport (~> 3.0)
      railties (~> 3.0)
      rspec (~> 2.7.0)
    ruby-ole (1.2.11.2)
    rubyzip (0.9.4)
    sequel (3.20.0)
    sinatra (1.0)
      rack (>= 1.0)
    spreadsheet (0.6.5.9)
      ruby-ole (>= 1.0)
    sqlite3 (1.3.4)
    sqlite3-ruby (1.3.3)
      sqlite3 (>= 1.3.3)
    taps (0.3.23)
      rack (>= 1.0.1)
      rest-client (>= 1.4.0, < 1.7.0)
      sequel (~> 3.20.0)
      sinatra (~> 1.0.0)
      sqlite3-ruby (~> 1.2)
    thin (1.3.1)
      daemons (>= 1.0.9)
      eventmachine (>= 0.12.6)
      rack (>= 1.0.0)
    thor (0.14.6)
    timeframe (0.0.11)
      activesupport (>= 2.3.5)
      i18n
    to_regexp (0.0.3)
    todonotes (0.1.0)
      log4r
    treetop (1.4.10)
      polyglot
      polyglot (>= 0.3.1)
    tzinfo (0.3.31)
    vcr (1.11.3)
    weary (0.7.2)
      crack (>= 0.1.7)
      oauth (>= 0.3.5)
    zip (2.0.2)

PLATFORMS
  ruby

DEPENDENCIES
  cache_method
  carbon
  conversions
  crack
  dalli
  data_miner
  fakeweb
  grafico
  hoptoad_notifier
  httparty
  mysql2 (~> 0.2.0)
  pg
  rails (= 3.0.9)
  rspec-rails
  thin
  vcr
  weary
