GEM
  remote: http://rubygems.org/
  specs:
    abstract (1.0.0)
    actionmailer (3.0.9)
      actionpack (= 3.0.9)
      mail (~> 2.2.19)
    actionpack (3.0.9)
      activemodel (= 3.0.9)
      activesupport (= 3.0.9)
      builder (~> 2.1.2)
      erubis (~> 2.6.6)
      i18n (~> 0.5.0)
      rack (~> 1.2.1)
      rack-mount (~> 0.6.14)
      rack-test (~> 0.5.7)
      tzinfo (~> 0.3.23)
    activemodel (3.0.9)
      activesupport (= 3.0.9)
      builder (~> 2.1.2)
      i18n (~> 0.5.0)
    activerecord (3.0.9)
      activemodel (= 3.0.9)
      activesupport (= 3.0.9)
      arel (~> 2.0.10)
      tzinfo (~> 0.3.23)
    activeresource (3.0.9)
      activemodel (= 3.0.9)
      activesupport (= 3.0.9)
    activesupport (3.0.9)
    arel (2.0.10)
    blockenspiel (0.4.3)
    builder (2.1.2)
    cache (0.2.5)
      activesupport (>= 2.3.11)
      i18n
    cache_method (0.1.5)
      cache (>= 0.2.1)
    conversions (1.4.5)
      activesupport (>= 2.3.4)
    crack (0.1.8)
    daemons (1.1.4)
    dalli (1.0.5)
    data_miner (1.2.2)
      activerecord (>= 2.3.4)
      activesupport (>= 2.3.4)
      blockenspiel (>= 0.3.2)
      conversions (>= 1.4.4)
      errata (>= 1.0.1)
      escape (>= 0.0.4)
      remote_table (>= 1.2.2)
      taps (>= 0.3.11)
    ensure-encoding (0.1)
    errata (1.0.3)
      activesupport (>= 2.3.4)
      remote_table (>= 1.1.7)
      to_regexp (>= 0.0.2)
    erubis (2.6.6)
      abstract (>= 1.0.0)
    escape (0.0.4)
    eventmachine (0.12.10)
    fastercsv (1.5.4)
    fixed_width-multibyte (0.2.2)
      activesupport
    google-spreadsheet-ruby (0.1.5)
      nokogiri (>= 1.4.3.1)
      oauth (>= 0.3.6)
    grafico (0.2.5)
    hoptoad_notifier (2.4.11)
      activesupport
      builder
    i18n (0.5.0)
    mail (2.2.19)
      activesupport (>= 2.3.6)
      i18n (>= 0.4.0)
      mime-types (~> 1.16)
      treetop (~> 1.4.8)
    mime-types (1.16)
    mysql2 (0.2.11)
    nokogiri (1.5.0)
    oauth (0.4.5)
    pg (0.11.0)
    polyglot (0.3.2)
    posix-spawn (0.3.6)
    rack (1.2.3)
    rack-mount (0.6.14)
      rack (>= 1.0.0)
    rack-test (0.5.7)
      rack (>= 1.0)
    rails (3.0.9)
      actionmailer (= 3.0.9)
      actionpack (= 3.0.9)
      activerecord (= 3.0.9)
      activeresource (= 3.0.9)
      activesupport (= 3.0.9)
      bundler (~> 1.0)
      railties (= 3.0.9)
    railties (3.0.9)
      actionpack (= 3.0.9)
      activesupport (= 3.0.9)
      rake (>= 0.8.7)
      rdoc (~> 3.4)
      thor (~> 0.14.4)
    rake (0.8.7)
    rdoc (3.8)
    remote_table (1.2.3)
      activesupport (>= 2.3.4)
      builder
      ensure-encoding
      escape (>= 0.0.4)
      fastercsv (>= 1.5.0)
      fixed_width-multibyte
      google-spreadsheet-ruby
      i18n
      nokogiri (>= 1.4.1)
      posix-spawn
      roo (~> 1.9)
      spreadsheet
      zip
    rest-client (1.6.3)
      mime-types (>= 1.16)
    roo (1.9.5)
      google-spreadsheet-ruby (>= 0.1.5)
      nokogiri (>= 1.4.6)
      spreadsheet (> 0.6.4)
    ruby-ole (1.2.11.1)
    sequel (3.20.0)
    sinatra (1.0)
      rack (>= 1.0)
    spreadsheet (0.6.5.7)
      ruby-ole (>= 1.0)
    sqlite3 (1.3.4)
    sqlite3-ruby (1.3.3)
      sqlite3 (>= 1.3.3)
    taps (0.3.23)
      rack (>= 1.0.1)
      rest-client (< 1.7.0, >= 1.4.0)
      sequel (~> 3.20.0)
      sinatra (~> 1.0.0)
      sqlite3-ruby (~> 1.2)
    thin (1.2.11)
      daemons (>= 1.0.9)
      eventmachine (>= 0.12.6)
      rack (>= 1.0.0)
    thor (0.14.6)
    to_regexp (0.0.3)
    treetop (1.4.10)
      polyglot
      polyglot (>= 0.3.1)
    tzinfo (0.3.29)
    weary (0.7.2)
      crack (>= 0.1.7)
      oauth (>= 0.3.5)
    zip (2.0.2)

PLATFORMS
  ruby

DEPENDENCIES
  cache_method
  conversions
  dalli
  data_miner
  grafico
  hoptoad_notifier
  mysql2 (~> 0.2.0)
  pg
  rails (= 3.0.9)
  rake (= 0.8.7)
  thin
  weary
