GEM
  remote: http://rubygems.org/
  specs:
    actionmailer (2.3.11)
      actionpack (= 2.3.11)
    actionpack (2.3.11)
      activesupport (= 2.3.11)
      rack (~> 1.1.0)
    activerecord (2.3.11)
      activesupport (= 2.3.11)
    activeresource (2.3.11)
      activesupport (= 2.3.11)
    activesupport (2.3.11)
    blockenspiel (0.4.3)
    builder (3.0.0)
    cache (0.2.4)
      activesupport (>= 2.3.11)
      i18n
    cache_method (0.1.5)
      cache (>= 0.2.1)
    conversions (1.4.5)
      activesupport (>= 2.3.4)
    crack (0.1.8)
    dalli (1.0.5)
    data_miner (1.2.1)
      activerecord (>= 2.3.4)
      activesupport (>= 2.3.4)
      blockenspiel (>= 0.3.2)
      conversions (>= 1.4.4)
      errata (>= 1.0.1)
      escape (>= 0.0.4)
      remote_table (>= 1.2.2)
      taps (>= 0.3.11)
    ensure-encoding (0.1)
    errata (1.0.3)
      activesupport (>= 2.3.4)
      remote_table (>= 1.1.7)
      to_regexp (>= 0.0.2)
    escape (0.0.4)
    fastercsv (1.5.4)
    fixed_width-multibyte (0.2.2)
      activesupport
    google-spreadsheet-ruby (0.1.5)
      nokogiri (>= 1.4.3.1)
      oauth (>= 0.3.6)
    grafico (0.2.5)
    hoptoad_notifier (2.4.11)
      activesupport
      builder
    i18n (0.6.0)
    mime-types (1.16)
    mysql2 (0.2.11)
    nokogiri (1.5.0)
    oauth (0.4.5)
    pg (0.11.0)
    posix-spawn (0.3.6)
    rack (1.1.2)
    rails (2.3.11)
      actionmailer (= 2.3.11)
      actionpack (= 2.3.11)
      activerecord (= 2.3.11)
      activeresource (= 2.3.11)
      activesupport (= 2.3.11)
      rake (>= 0.8.3)
    rake (0.8.7)
    remote_table (1.2.3)
      activesupport (>= 2.3.4)
      builder
      ensure-encoding
      escape (>= 0.0.4)
      fastercsv (>= 1.5.0)
      fixed_width-multibyte
      google-spreadsheet-ruby
      i18n
      nokogiri (>= 1.4.1)
      posix-spawn
      roo (~> 1.9)
      spreadsheet
      zip
    rest-client (1.6.3)
      mime-types (>= 1.16)
    roo (1.9.5)
      google-spreadsheet-ruby (>= 0.1.5)
      nokogiri (>= 1.4.6)
      spreadsheet (> 0.6.4)
    ruby-ole (1.2.11.1)
    sequel (3.20.0)
    sinatra (1.0)
      rack (>= 1.0)
    spreadsheet (0.6.5.5)
      ruby-ole (>= 1.0)
    sqlite3 (1.3.3)
    sqlite3-ruby (1.3.3)
      sqlite3 (>= 1.3.3)
    taps (0.3.23)
      rack (>= 1.0.1)
      rest-client (< 1.7.0, >= 1.4.0)
      sequel (~> 3.20.0)
      sinatra (~> 1.0.0)
      sqlite3-ruby (~> 1.2)
    to_regexp (0.0.3)
    weary (0.7.2)
      crack (>= 0.1.7)
      oauth (>= 0.3.5)
    zip (2.0.2)

PLATFORMS
  ruby

DEPENDENCIES
  cache_method
  conversions
  dalli
  data_miner
  grafico
  hoptoad_notifier
  mysql2 (~> 0.2.0)
  pg
  rails (= 2.3.11)
  rake (= 0.8.7)
  weary
