GEM
  remote: http://rubygems.org/
  specs:
    actionmailer (2.3.11)
      actionpack (= 2.3.11)
    actionpack (2.3.11)
      activesupport (= 2.3.11)
      rack (~> 1.1.0)
    activerecord (2.3.11)
      activesupport (= 2.3.11)
    activeresource (2.3.11)
      activesupport (= 2.3.11)
    activesupport (2.3.11)
    blockenspiel (0.4.1)
    builder (3.0.0)
    cache (0.0.2)
    cache_method (0.1.0)
      cache
    conversions (1.4.5)
      activesupport (>= 2.3.4)
    crack (0.1.8)
    dalli (1.0.2)
    data_miner (1.1.4)
      activerecord (>= 2.3.4)
      activesupport (>= 2.3.4)
      blockenspiel (>= 0.3.2)
      conversions (>= 1.4.4)
      errata (>= 1.0.1)
      escape (>= 0.0.4)
      remote_table (>= 1.1.0)
      taps (>= 0.3.11)
    errata (1.0.1)
      activesupport (>= 2.3.4)
      remote_table (~> 1)
    escape (0.0.4)
    fastercsv (1.5.4)
    google-spreadsheet-ruby (0.1.2)
      nokogiri (>= 1.4.3.1)
      oauth (>= 0.3.6)
    grafico (0.2.5)
    hoptoad_notifier (2.4.6)
      activesupport
      builder
    i18n (0.5.0)
    json (1.4.6)
    kgio (2.3.2)
    mime-types (1.16)
    nokogiri (1.4.4)
    oauth (0.4.4)
    pg (0.10.1)
    rack (1.1.0)
    rails (2.3.11)
      actionmailer (= 2.3.11)
      actionpack (= 2.3.11)
      activerecord (= 2.3.11)
      activeresource (= 2.3.11)
      activesupport (= 2.3.11)
      rake (>= 0.8.3)
    rake (0.8.7)
    remote_table (1.1.0)
      activesupport (>= 2.3.4)
      builder
      escape (>= 0.0.4)
      fastercsv (>= 1.5.0)
      google-spreadsheet-ruby
      i18n
      nokogiri (>= 1.4.1)
      roo (~> 1.9)
      slither (>= 0.99.4)
      spreadsheet
      zip
    rest-client (1.6.1)
      mime-types (>= 1.16)
    roo (1.9.3)
    ruby-ole (1.2.11.1)
    sequel (3.17.0)
    sinatra (1.0)
      rack (>= 1.0)
    slither (0.99.4)
    spreadsheet (0.6.5.2)
      ruby-ole (>= 1.0)
    sqlite3 (1.3.3)
    sqlite3-ruby (1.3.3)
      sqlite3 (>= 1.3.3)
    taps (0.3.15)
      json (~> 1.4.6)
      rack (>= 1.0.1)
      rest-client (>= 1.4.0, < 1.7.0)
      sequel (~> 3.17.0)
      sinatra (~> 1.0.0)
      sqlite3-ruby (~> 1.2)
    unicorn (3.4.0)
      kgio (~> 2.2)
      rack
    weary (0.7.2)
      crack (>= 0.1.7)
      oauth (>= 0.3.5)
    zip (2.0.2)

PLATFORMS
  ruby

DEPENDENCIES
  cache_method
  conversions (= 1.4.5)
  dalli
  data_miner (= 1.1.4)
  grafico (= 0.2.5)
  hoptoad_notifier
  pg
  rails (= 2.3.11)
  sqlite3-ruby
  unicorn
  weary (= 0.7.2)
